GIT
  remote: git://github.com/ayufan/travis-build.git
  revision: debcbc9cbc0ea72eb4f2d4e6d2fc8a8e676e0583
  specs:
    travis-build (0.0.1)

GIT
  remote: git://github.com/travis-ci/travis-yaml.git
  revision: bba6d2898db75c43b2f9380a013935a69dbe98b0
  specs:
    travis-yaml (0.1.0)

PATH
  remote: .
  specs:
    polidea-ci (0.0.1)

GEM
  remote: https://rubygems.org/
  specs:
    activesupport (4.1.5)
      i18n (~> 0.6, >= 0.6.9)
      json (~> 1.7, >= 1.7.7)
      minitest (~> 5.1)
      thread_safe (~> 0.1)
      tzinfo (~> 1.1)
    addressable (2.3.6)
    childprocess (0.3.6)
      ffi (~> 1.0, >= 1.0.6)
    ffi (1.9.3)
    i18n (0.6.11)
    json (1.8.1)
    minitest (5.4.1)
    rake (10.3.2)
    thor (0.19.1)
    thread_safe (0.3.4)
    tzinfo (1.2.2)
      thread_safe (~> 0.1)

PLATFORMS
  ruby

DEPENDENCIES
  activesupport
  addressable
  bundler (~> 1.6)
  childprocess (= 0.3.6)
  polidea-ci!
  rake
  thor
  travis-build!
  travis-yaml!
